GEM
  remote: https://rubygems.org/
  specs:
    awesome_print_motion (0.1.0)
    rake (10.0.3)

PLATFORMS
  ruby

DEPENDENCIES
  awesome_print_motion
  rake
